PATH
  remote: .
  specs:
    cofi_cost (0.0.9)
      gsl
      narray

GEM
  remote: https://rubygems.org/
  specs:
    gsl (2.1.0.3)
    narray (0.6.1.2)

PLATFORMS
  ruby

DEPENDENCIES
  cofi_cost!

BUNDLED WITH
   1.17.2
